GEM
  remote: http://rubygems.org/
  specs:
    chunky_png (1.2.8)
    coffee-script (2.2.0)
      coffee-script-source
      execjs
    coffee-script-source (1.6.2)
    compass (0.12.2)
      chunky_png (~> 1.2)
      fssm (>= 0.2.7)
      sass (~> 3.1)
    compass-colors (0.9.0)
      compass (>= 0.8.7)
    execjs (1.4.0)
      multi_json (~> 1.0)
    fssm (0.2.10)
    multi_json (1.7.3)
    oily_png (1.1.0)
      chunky_png (~> 1.2.7)
    rake (10.0.4)
    sass (3.2.9)
    sassy-buttons (0.2)
    susy (1.0.8)
      compass (>= 0.12.2)
      sass (>= 3.2.0)

PLATFORMS
  ruby

DEPENDENCIES
  coffee-script
  compass
  compass-colors
  oily_png
  rake
  sass
  sassy-buttons
  susy
